GEM
  remote: http://rubygems.org/
  specs:
    activesupport (3.0.3)
    git (1.2.5)
    jeweler (1.5.2)
      bundler (~> 1.0.0)
      git (>= 1.2.5)
      rake
    rake (0.8.7)
    rb-fsevent (0.4.0)

PLATFORMS
  ruby

DEPENDENCIES
  activesupport
  jeweler
  rb-fsevent
