GEM
  remote: http://rubygems.org/
  specs:
    activesupport (3.0.3)
    rb-fsevent (0.4.0)

PLATFORMS
  ruby

DEPENDENCIES
  activesupport
  rb-fsevent
