GEM
  remote: http://rubygems.org/
  specs:
    activesupport (3.0.3)
    i18n (0.5.0)
    rb-fsevent (0.4.0)

PLATFORMS
  ruby

DEPENDENCIES
  activesupport
  i18n
  rb-fsevent
