GEM
  remote: http://rubygems.org/
  specs:
    diff-lcs (1.1.2)
    grit (2.4.1)
      diff-lcs (~> 1.1)
      mime-types (~> 1.15)
    mime-types (1.16)
    rb-fsevent (0.4.0)

PLATFORMS
  ruby

DEPENDENCIES
  grit
  rb-fsevent
